GEM
  remote: https://rubygems.org/
  specs:
    coderay (1.1.3)
    diff-lcs (1.4.4)
    dotenv (2.7.6)
    lolize (0.0.3)
      paint (~> 0.8.3)
    method_source (1.0.0)
    paint (0.8.7)
    pry (0.13.1)
      coderay (~> 1.1)
      method_source (~> 1.0)
    rspec (3.10.0)
      rspec-core (~> 3.10.0)
      rspec-expectations (~> 3.10.0)
      rspec-mocks (~> 3.10.0)
    rspec-core (3.10.1)
      rspec-support (~> 3.10.0)
    rspec-expectations (3.10.1)
      diff-lcs (>= 1.2.0, < 2.0)
      rspec-support (~> 3.10.0)
    rspec-mocks (3.10.1)
      diff-lcs (>= 1.2.0, < 2.0)
      rspec-support (~> 3.10.0)
    rspec-support (3.10.1)
    rufo (0.12.0)

PLATFORMS
  ruby

DEPENDENCIES
  dotenv
  lolize
  pry
  rspec
  rufo

RUBY VERSION
   ruby 2.7.1p83

BUNDLED WITH
   2.1.4
